GEM
  remote: http://rubygems.org/
  specs:
    crack (0.1.8)
    git (1.2.5)
    hashie (1.1.0)
    httparty (0.7.8)
      crack (= 0.1.8)
    jeweler (1.6.4)
      bundler (~> 1.0)
      git (>= 1.2.5)
      rake
    rake (0.9.2)
    rcov (0.9.10)

PLATFORMS
  ruby

DEPENDENCIES
  bundler (~> 1.0.0)
  hashie
  httparty
  jeweler (~> 1.6.0)
  rcov
